GEM
  remote: https://rubygems.org/
  specs:
    activesupport (8.0.2)
      base64
      benchmark (>= 0.3)
      bigdecimal
      concurrent-ruby (~> 1.0, >= 1.3.1)
      connection_pool (>= 2.2.5)
      drb
      i18n (>= 1.6, < 2)
      logger (>= 1.4.2)
      minitest (>= 5.1)
      securerandom (>= 0.3)
      tzinfo (~> 2.0, >= 2.0.5)
      uri (>= 0.13.1)
    addressable (2.8.7)
      public_suffix (>= 2.0.2, < 7.0)
    ast (2.4.3)
    base64 (0.3.0)
    benchmark (0.4.1)
    bigdecimal (3.2.2)
    cli-ui (2.3.0)
    coderay (1.1.3)
    colorize (0.8.1)
    concurrent-ruby (1.3.5)
    connection_pool (2.5.3)
    diff-lcs (1.6.2)
    dotenv (3.1.8)
    drb (2.2.3)
    event_stream_parser (1.0.0)
    faraday (2.13.1)
      faraday-net_http (>= 2.0, < 3.5)
      json
      logger
    faraday-multipart (1.1.1)
      multipart-post (~> 2.0)
    faraday-net_http (3.4.1)
      net-http (>= 0.5.0)
    faraday-retry (2.3.2)
      faraday (~> 2.0)
    git (1.19.1)
      addressable (~> 2.8)
      rchardet (~> 1.8)
    i18n (1.14.7)
      concurrent-ruby (~> 1.0)
    json (2.12.2)
    json-schema (5.1.1)
      addressable (~> 2.8)
      bigdecimal (~> 3.1)
    language_server-protocol (3.17.0.5)
    lint_roller (1.1.0)
    logger (1.7.0)
    method_source (1.1.0)
    minitest (5.25.5)
    multipart-post (2.4.1)
    net-http (0.6.0)
      uri
    octokit (6.1.1)
      faraday (>= 1, < 3)
      sawyer (~> 0.9)
    open_router (0.3.3)
      activesupport (>= 6.0)
      dotenv (>= 2)
      faraday (>= 1)
      faraday-multipart (>= 1)
    ostruct (0.6.2)
    parallel (1.27.0)
    parser (3.3.8.0)
      ast (~> 2.4.1)
      racc
    prism (1.4.0)
    pry (0.15.2)
      coderay (~> 1.1)
      method_source (~> 1.0)
    public_suffix (6.0.2)
    racc (1.8.1)
    rainbow (3.1.1)
    raix (1.0.1)
      activesupport (>= 6.0)
      faraday-retry (~> 2.0)
      open_router (~> 0.2)
      ostruct
      ruby-openai (~> 7)
    rchardet (1.9.0)
    regexp_parser (2.10.0)
    rexml (3.4.1)
    roast-ai (0.4.1)
      activesupport (>= 7.0)
      cli-ui (= 2.3.0)
      diff-lcs (~> 1.5)
      faraday-retry
      json-schema
      open_router (~> 0.3)
      raix (~> 1.0)
      ruby-graphviz (~> 1.2)
      thor (~> 1.3)
      zeitwerk (~> 2.6)
    rspec (3.13.1)
      rspec-core (~> 3.13.0)
      rspec-expectations (~> 3.13.0)
      rspec-mocks (~> 3.13.0)
    rspec-core (3.13.4)
      rspec-support (~> 3.13.0)
    rspec-expectations (3.13.5)
      diff-lcs (>= 1.2.0, < 2.0)
      rspec-support (~> 3.13.0)
    rspec-mocks (3.13.5)
      diff-lcs (>= 1.2.0, < 2.0)
      rspec-support (~> 3.13.0)
    rspec-support (3.13.4)
    rubocop (1.76.2)
      json (~> 2.3)
      language_server-protocol (~> 3.17.0.2)
      lint_roller (~> 1.1.0)
      parallel (~> 1.10)
      parser (>= 3.3.0.2)
      rainbow (>= 2.2.2, < 4.0)
      regexp_parser (>= 2.9.3, < 3.0)
      rubocop-ast (>= 1.45.1, < 2.0)
      ruby-progressbar (~> 1.7)
      unicode-display_width (>= 2.4.0, < 4.0)
    rubocop-ast (1.45.1)
      parser (>= 3.3.7.2)
      prism (~> 1.4)
    ruby-graphviz (1.2.5)
      rexml
    ruby-openai (7.4.0)
      event_stream_parser (>= 0.3.0, < 2.0.0)
      faraday (>= 1)
      faraday-multipart (>= 1)
    ruby-progressbar (1.13.0)
    sawyer (0.9.2)
      addressable (>= 2.3.5)
      faraday (>= 0.17.3, < 3)
    securerandom (0.4.1)
    thor (1.3.2)
    tzinfo (2.0.6)
      concurrent-ruby (~> 1.0)
    unicode-display_width (3.1.4)
      unicode-emoji (~> 4.0, >= 4.0.4)
    unicode-emoji (4.0.4)
    uri (1.0.3)
    zeitwerk (2.7.3)

PLATFORMS
  arm64-darwin-24

DEPENDENCIES
  colorize (~> 0.8)
  git (~> 1.18)
  octokit (~> 6.0)
  pry (~> 0.14)
  roast-ai (~> 0.1)
  rspec (~> 3.12)
  rubocop (~> 1.56)
  thor (~> 1.2)

RUBY VERSION
   ruby 3.2.2p53

BUNDLED WITH
   2.4.10
